GEM
  remote: https://rubygems.org/
  specs:
    nokogiri (1.5.9-x86-mingw32)

PLATFORMS
  x86-mingw32

DEPENDENCIES
  nokogiri
